GEM
  remote: https://rubygems.org/
  specs:
    awesome_print (1.7.0)
    mini_exiftool (2.8.0)

PLATFORMS
  ruby

DEPENDENCIES
  awesome_print
  mini_exiftool

BUNDLED WITH
   1.12.5
